GEM
  remote: http://rubygems.org/
  specs:
    activesupport (3.0.8)
    aws (2.3.34)
      activesupport
      http_connection
      uuidtools
      xml-simple
    carrot (0.8.1)
    daemons (1.0.10)
    git (1.2.5)
    http_connection (1.4.1)
    jeweler (1.6.0)
      bundler (~> 1.0.0)
      git (>= 1.2.5)
      rake
    multipart-post (1.1.2)
    rake (0.9.2)
    rcov (0.9.9)
    shoulda (2.11.3)
    uuidtools (2.1.2)
    xml-simple (1.0.16)

PLATFORMS
  ruby

DEPENDENCIES
  aws (~> 2.3.34)
  bundler (~> 1.0.0)
  carrot (~> 0.8.1)
  daemons (~> 1.0.10)
  jeweler (= 1.6.0)
  multipart-post (~> 1.1.0)
  rcov
  shoulda
